GEM
  remote: http://rubygems.org/
  specs:
    bcrypt (3.1.11)
    highline (1.7.8)

PLATFORMS
  ruby

DEPENDENCIES
  bcrypt (~> 3.1.7)
  highline
